{
	"Modality": "MR",
	"MagneticFieldStrength": 7,
	"ImagingFrequency": 297.201,
	"Manufacturer": "Siemens",
	"ManufacturersModelName": "Investigational_Device_7T",
	"InstitutionName": "BIC",
	"InstitutionalDepartmentName": "Department",
	"InstitutionAddress": "Street StreetNo,City,District,CA,ZIP",
	"DeviceSerialNumber": "79017",
	"StationName": "AWP79017",
	"BodyPartExamined": "BRAIN",
	"PatientPosition": "HFS",
	"ProcedureStepDescription": "Development^Dr. Cohen-Adad",
	"SoftwareVersions": "syngo MR E12",
	"MRAcquisitionType": "2D",
	"SeriesDescription": "tfl_sag_2mmISO_384mm_REF720",
	"ProtocolName": "tfl_sag_2mmISO_384mm_REF720",
	"ScanningSequence": "GR",
	"SequenceVariant": "SK\\SP",
	"SequenceName": "tfl2d1_512",
	"ImageType": ["ORIGINAL", "PRIMARY", "FLIP ANGLE MAP", "DIS2D"],
	"SeriesNumber": 14,
	"AcquisitionTime": "14:23:8.365000",
	"AcquisitionNumber": 1,
	"ImageComments": "flip angle map, TraRefAmpl: 720.0 V",
	"SliceThickness": 2,
	"SpacingBetweenSlices": 4,
	"SAR": 0.0773332,
	"EchoTime": 0.00241,
	"RepetitionTime": 34.42,
	"FlipAngle": 80.03,
	"PartialFourier": 1,
	"BaseResolution": 192,
	"ShimSetting": [
		80,
		8,
		-332,
		-915,
		-60,
		616,
		576,
		175	],
	"TxRefAmp": 720,
	"PhaseResolution": 1,
	"ReceiveCoilName": "NP11_ACDC_SPINE",
	"ReceiveCoilActiveElements": "1H;1H;1H;1H;1H;1H;1H;1H;1H;1H;1H;1H;1H;1H;1H;1H;1H;1H;1H;1H",
	"PulseSequenceDetails": "%SiemensSeq%\\tfl_b1map",
	"ConsistencyInfo": "N4_VE12U_LATEST_20181126",
	"PercentPhaseFOV": 62.5,
	"PercentSampling": 100,
	"PhaseEncodingSteps": 120,
	"AcquisitionMatrixPE": 120,
	"ReconMatrixPE": 120,
	"PixelBandwidth": 405,
	"DwellTime": 6.4e-06,
	"PhaseEncodingDirection": "i",
	"SliceTiming": [
		17.3281,
		0,
		17.9531,
		0.625,
		18.5625,
		1.23438,
		19.1875,
		1.85938,
		19.7969,
		2.46875,
		20.4219,
		3.09375,
		21.0469,
		3.71875,
		21.6562,
		4.32812,
		22.2812,
		4.95312,
		22.8906,
		5.5625,
		23.5156,
		6.1875,
		24.1406,
		6.8125,
		24.75,
		7.42188,
		25.375,
		8.04688,
		25.9844,
		8.65625,
		26.6094,
		9.28125,
		27.2344,
		9.90625,
		27.8438,
		10.5156,
		28.4688,
		11.1406,
		29.0938,
		11.7656,
		29.7031,
		12.375,
		30.3281,
		13,
		30.9375,
		13.6094,
		31.5625,
		14.2344,
		32.1719,
		14.8438,
		32.7969,
		15.4688,
		33.4219,
		16.0938,
		34.0312,
		16.7031	],
	"ImageOrientationPatientDICOM": [
		0,
		1,
		0,
		0,
		0,
		-1	],
	"InPlanePhaseEncodingDirectionDICOM": "ROW",
	"ConversionSoftware": "dcm2niix",
	"ConversionSoftwareVersion": "v1.0.20201102"
}
