{
	"Modality": "MR",
	"MagneticFieldStrength": 7,
	"ImagingFrequency": 297.196,
	"Manufacturer": "Siemens",
	"ManufacturersModelName": "Investigational_Device_7T",
	"InstitutionName": "BIC",
	"InstitutionalDepartmentName": "Department",
	"InstitutionAddress": "Street StreetNo,City,District,CA,ZIP",
	"DeviceSerialNumber": "79017",
	"StationName": "AWP79017",
	"BodyPartExamined": "CSPINE",
	"PatientPosition": "HFS",
	"ProcedureStepDescription": "Development^Dr. Cohen-Adad",
	"SoftwareVersions": "syngo MR E12",
	"MRAcquisitionType": "2D",
	"SeriesDescription": "tfl_sag_2mmISO_384mm_REFV",
	"ProtocolName": "tfl_sag_2mmISO_384mm_REFV",
	"ScanningSequence": "GR",
	"SequenceVariant": "SK\\SP",
	"SequenceName": "tfl2d1_512",
	"ImageType": ["ORIGINAL", "PRIMARY", "FLIP ANGLE MAP", "DIS2D"],
	"SeriesNumber": 8,
	"AcquisitionTime": "11:53:20.937500",
	"AcquisitionNumber": 1,
	"ImageComments": "flip angle map, TraRefAmpl: 426.2 V",
	"SliceThickness": 2,
	"SpacingBetweenSlices": 4,
	"SAR": 0.0415975,
	"EchoTime": 0.00241,
	"RepetitionTime": 34.42,
	"FlipAngle": 90,
	"PartialFourier": 1,
	"BaseResolution": 192,
	"ShimSetting": [
		61,
		95,
		-266,
		-586,
		134,
		-234,
		397,
		178	],
	"TxRefAmp": 426.2,
	"PhaseResolution": 1,
	"ReceiveCoilName": "NP11_ACDC_SPINE",
	"ReceiveCoilActiveElements": "1H;1H;1H;1H;1H;1H;1H;1H;1H;1H;1H;1H;1H;1H;1H;1H;1H;1H;1H;1H",
	"PulseSequenceDetails": "%SiemensSeq%\\tfl_b1map",
	"ConsistencyInfo": "N4_VE12U_LATEST_20181126",
	"PercentPhaseFOV": 62.5,
	"PercentSampling": 100,
	"PhaseEncodingSteps": 120,
	"AcquisitionMatrixPE": 120,
	"ReconMatrixPE": 120,
	"PixelBandwidth": 405,
	"DwellTime": 6.4e-06,
	"PhaseEncodingDirection": "i",
	"SliceTiming": [
		17.3281,
		0,
		17.9531,
		0.625,
		18.5703,
		1.24219,
		19.1875,
		1.85938,
		19.8047,
		2.47656,
		20.4297,
		3.10156,
		21.0469,
		3.71875,
		21.6641,
		4.33594,
		22.2812,
		4.95312,
		22.8984,
		5.57031,
		23.5156,
		6.1875,
		24.1406,
		6.8125,
		24.7578,
		7.42969,
		25.375,
		8.04688,
		25.9922,
		8.67188,
		26.6172,
		9.28906,
		27.2344,
		9.90625,
		27.8516,
		10.5234,
		28.4688,
		11.1406,
		29.0859,
		11.7578,
		29.7109,
		12.3828,
		30.3281,
		13,
		30.9453,
		13.6172,
		31.5625,
		14.2344,
		32.1797,
		14.8594,
		32.8047,
		15.4766,
		33.4219,
		16.0938,
		34.0391,
		16.7109	],
	"ImageOrientationPatientDICOM": [
		0,
		1,
		0,
		0,
		0,
		-1	],
	"InPlanePhaseEncodingDirectionDICOM": "ROW",
	"ConversionSoftware": "dcm2niix",
	"ConversionSoftwareVersion": "v1.0.20201102"
}
