{
	"Modality": "MR",
	"MagneticFieldStrength": 7,
	"ImagingFrequency": 297.201,
	"Manufacturer": "Siemens",
	"ManufacturersModelName": "Investigational_Device_7T",
	"InstitutionName": "BIC",
	"InstitutionalDepartmentName": "Department",
	"InstitutionAddress": "Street StreetNo,City,District,CA,ZIP",
	"DeviceSerialNumber": "79017",
	"StationName": "AWP79017",
	"BodyPartExamined": "SPINE",
	"PatientPosition": "HFS",
	"ProcedureStepDescription": "Development^Dr. Cohen-Adad",
	"SoftwareVersions": "syngo MR E12",
	"MRAcquisitionType": "2D",
	"SeriesDescription": "coilQA_sag_FH_384mm_1.5x1.5x2mm_NP11_ACDC_SPINE_Noise_Covariance",
	"ProtocolName": "coilQA_sag_FH_384mm_1.5x1.5x2mm_manualSHIM_ISO",
	"ScanningSequence": "RM",
	"SequenceVariant": "SP",
	"SequenceName": "*fl2d1",
	"ImageType": ["ORIGINAL", "PRIMARY", "M", "DIS2D"],
	"SeriesNumber": 37,
	"AcquisitionTime": "11:17:0.710000",
	"AcquisitionNumber": 1,
	"ImageComments": "nCOFmtx mag [avg=8.27e-02, scale=1.00e+03, offset=0.00; N=196608]",
	"SliceThickness": 2,
	"SpacingBetweenSlices": 2,
	"SAR": 0.0438146,
	"NumberOfAverages": 2,
	"FlipAngle": 25,
	"PartialFourier": 1,
	"BaseResolution": 256,
	"ShimSetting": [
		-7,
		57,
		-995,
		-103,
		902,
		2485,
		-1345,
		1060	],
	"TxRefAmp": 720,
	"PhaseResolution": 1,
	"ReceiveCoilName": "NP11_ACDC_SPINE",
	"ReceiveCoilActiveElements": "1H;1H;1H;1H;1H;1H;1H;1H;1H;1H;1H;1H;1H;1H;1H;1H;1H;1H;1H;1H",
	"PulseSequenceDetails": "%ServiceSeq%\\coil_utils",
	"ConsistencyInfo": "N4_VE12U_LATEST_20181126",
	"PercentPhaseFOV": 100,
	"PercentSampling": 100,
	"PhaseEncodingSteps": 256,
	"AcquisitionMatrixPE": 256,
	"ReconMatrixPE": 768,
	"PixelBandwidth": 200,
	"DwellTime": 9.8e-06,
	"PhaseEncodingDirection": "j-",
	"ImageOrientationPatientDICOM": [
		-2.05e-13,
		1,
		4.892e-12,
		0.0418756,
		4.897e-12,
		-0.999123	],
	"InPlanePhaseEncodingDirectionDICOM": "COL",
	"ConversionSoftware": "dcm2niix",
	"ConversionSoftwareVersion": "v1.0.20201102"
}
