{
	"Modality": "MR",
	"MagneticFieldStrength": 7,
	"ImagingFrequency": 297.196,
	"Manufacturer": "Siemens",
	"ManufacturersModelName": "Investigational_Device_7T",
	"InstitutionName": "BIC",
	"InstitutionalDepartmentName": "Department",
	"InstitutionAddress": "Street StreetNo,City,District,CA,ZIP",
	"DeviceSerialNumber": "79017",
	"StationName": "AWP79017",
	"BodyPartExamined": "CSPINE",
	"PatientPosition": "HFS",
	"ProcedureStepDescription": "Development^Dr. Cohen-Adad",
	"SoftwareVersions": "syngo MR E12",
	"MRAcquisitionType": "2D",
	"SeriesDescription": "tfl_sag_2mmISO_384mm_REFV",
	"ProtocolName": "tfl_sag_2mmISO_384mm_REFV",
	"ScanningSequence": "GR",
	"SequenceVariant": "SK\\SP",
	"SequenceName": "tfl2d1_512",
	"ImageType": ["ORIGINAL", "PRIMARY", "M", "DIS2D"],
	"SeriesNumber": 7,
	"AcquisitionTime": "11:52:46.282500",
	"AcquisitionNumber": 1,
	"ImageComments": "anatomical image",
	"SliceThickness": 2,
	"SpacingBetweenSlices": 4,
	"SAR": 0.0415975,
	"EchoTime": 0.00241,
	"RepetitionTime": 34.42,
	"FlipAngle": 10,
	"PartialFourier": 1,
	"BaseResolution": 192,
	"ShimSetting": [
		61,
		95,
		-266,
		-586,
		134,
		-234,
		397,
		178	],
	"TxRefAmp": 426.2,
	"PhaseResolution": 1,
	"ReceiveCoilName": "NP11_ACDC_SPINE",
	"ReceiveCoilActiveElements": "1H;1H;1H;1H;1H;1H;1H;1H;1H;1H;1H;1H;1H;1H;1H;1H;1H;1H;1H;1H",
	"PulseSequenceDetails": "%SiemensSeq%\\tfl_b1map",
	"ConsistencyInfo": "N4_VE12U_LATEST_20181126",
	"PercentPhaseFOV": 62.5,
	"PercentSampling": 100,
	"PhaseEncodingSteps": 120,
	"AcquisitionMatrixPE": 120,
	"ReconMatrixPE": 120,
	"PixelBandwidth": 405,
	"DwellTime": 6.4e-06,
	"PhaseEncodingDirection": "i",
	"SliceTiming": [
		17.3281,
		0,
		17.9453,
		0.61719,
		18.5625,
		1.23438,
		19.1797,
		1.85156,
		19.7969,
		2.46875,
		20.4219,
		3.09375,
		21.0391,
		3.71094,
		21.6562,
		4.32812,
		22.2734,
		4.94531,
		22.8906,
		5.57031,
		23.5156,
		6.1875,
		24.1328,
		6.80469,
		24.75,
		7.42188,
		25.3672,
		8.03906,
		25.9844,
		8.65625,
		26.6094,
		9.28125,
		27.2266,
		9.89844,
		27.8438,
		10.5156,
		28.4609,
		11.1406,
		29.0781,
		11.7578,
		29.7031,
		12.375,
		30.3203,
		12.9922,
		30.9375,
		13.6094,
		31.5547,
		14.2266,
		32.1797,
		14.8516,
		32.7969,
		15.4688,
		33.4141,
		16.0859,
		34.0312,
		16.7031	],
	"ImageOrientationPatientDICOM": [
		0,
		1,
		0,
		0,
		0,
		-1	],
	"InPlanePhaseEncodingDirectionDICOM": "ROW",
	"ConversionSoftware": "dcm2niix",
	"ConversionSoftwareVersion": "v1.0.20201102"
}
